RESTRICTION: == net461
NUGET
  remote: https://www.nuget.org/api/v2
    Expecto (9.0.2)
      FSharp.Core (>= 4.6)
      Mono.Cecil (>= 0.11.2)
    FSharp.Core (4.7.2)
    IKVM (8.1.5717)
    Microsoft.NETFramework.ReferenceAssemblies (1.0)
      Microsoft.NETFramework.ReferenceAssemblies.net461 (>= 1.0)
    Microsoft.NETFramework.ReferenceAssemblies.net461 (1.0)
    Mono.Cecil (0.11.2)
