RESTRICTION: == net461
NUGET
  remote: https://www.nuget.org/api/v2
    IKVM (8.1.5717)
    Microsoft.NETFramework.ReferenceAssemblies (1.0)
      Microsoft.NETFramework.ReferenceAssemblies.net461 (>= 1.0)
    Microsoft.NETFramework.ReferenceAssemblies.net461 (1.0)
    NUnit (3.12)
    NUnit.ConsoleRunner (3.11.1)
