RESTRICTION: == net461
NUGET
  remote: https://www.nuget.org/api/v2
    Expecto (9.0.2)
      FSharp.Core (>= 4.6)
      Mono.Cecil (>= 0.11.2)
    FSharp.Core (4.7.2)
    IKVM (8.1.5717)
    Microsoft.NETFramework.ReferenceAssemblies (1.0)
      Microsoft.NETFramework.ReferenceAssemblies.net461 (>= 1.0)
    Microsoft.NETFramework.ReferenceAssemblies.net461 (1.0)
    Mono.Cecil (0.11.2)

GROUP Docs
RESTRICTION: == net461
NUGET
  remote: https://www.nuget.org/api/v2
    DotLiquid (2.0.361)
    FSharp.Compiler.Service (2.0.0.6)
    FSharp.Core (4.7.2)
    FSharp.Formatting (2.14.2)
      FSharp.Compiler.Service (2.0.0.6)
      FSharpVSPowerTools.Core (>= 2.3 < 2.4)
    FSharpVSPowerTools.Core (2.3)
      FSharp.Compiler.Service (>= 2.0.0.3)
    Suave (2.5.6)
      FSharp.Core (>= 4.3.4)
